GEM
  remote: https://rubygems.org/
  specs:
    bson (1.8.4)
    mongo (1.8.4)
      bson (~> 1.8.4)

PLATFORMS
  ruby

DEPENDENCIES
  mongo
